PATH
  remote: .
  specs:
    EICAR (0.0.1)

GEM
  remote: https://rubygems.org/
  specs:

PLATFORMS
  ruby

DEPENDENCIES
  EICAR!
